GEM
  remote: http://rubygems.org/
  specs:
    childprocess (0.3.2)
      ffi (~> 1.0.6)
    ffi (1.0.11)
    json_pure (1.7.3)
    rubyzip (0.9.8)
    selenium-webdriver (0.2.2)
      childprocess (>= 0.1.9)
      ffi (>= 1.0.7)
      json_pure
      rubyzip
    tourist (0.0.1)

PLATFORMS
  ruby

DEPENDENCIES
  selenium-webdriver (= 0.2.2)
  tourist (= 0.0.1)
